GEM
  remote: https://rubygems.org/
  specs:
    drydock (0.6.9)
    mustermann (1.0.3)
    rack (2.0.6)
    rack-protection (2.0.7)
      rack
    sinatra (2.0.7)
      mustermann (~> 1.0)
      rack (~> 2.0)
      rack-protection (= 2.0.7)
      tilt (~> 2.0)
    storable (0.8.9)
    sysinfo (0.8.1)
      drydock
      storable
    tilt (2.0.9)

PLATFORMS
  ruby

DEPENDENCIES
  sinatra (~> 2.0, >= 2.0.7)!
  sysinfo (= 0.8.1)!

BUNDLED WITH
   2.0.1
