GEM
  specs:

GEM
  remote: https://rubygems.org/
  specs:
    drydock (0.6.9)
    mustermann (2.0.2)
      ruby2_keywords (~> 0.0.1)
    rack (2.2.4)
    rack-protection (2.2.3)
      rack
    ruby2_keywords (0.0.5)
    sinatra (2.2.3)
      mustermann (~> 2.0)
      rack (~> 2.2)
      rack-protection (= 2.2.3)
      tilt (~> 2.0)
    storable (0.8.9)
    sysinfo (0.8.1)
      drydock
      storable
    tilt (2.0.11)

PLATFORMS
  ruby

DEPENDENCIES
  sinatra (~> 2.2)!
  sysinfo (= 0.8.1)!

BUNDLED WITH
   2.0.1
